GIT
  remote: git://github.com/YouthTree/devise_imapable.git
  revision: b4f3eb67afa4bd169c0e392f1e550d95aae1f3d0
  specs:
    devise_imapable (0.5.1)
      devise (> 1.0.4)

GIT
  remote: git://github.com/mislav/will_paginate.git
  revision: b1a5beeec9f56ecbe3594fcdca76d92b6767ce50
  branch: rails3
  specs:
    will_paginate (3.0.pre3)

GIT
  remote: git://github.com/radiant/dataset.git
  revision: 9143cb3a3c2d1df6c4b4271bf0a8f85ae3651357
  specs:
    dataset (1.4.0.radiant)
      activerecord (>= 2.3.0)
      activesupport (>= 2.3.0)

GIT
  remote: git://github.com/thefrontiergroup/title_estuary.git
  revision: 0acbbfab7c70417475d134b800c14fb00ccc24d7
  specs:
    title_estuary (1.1.1)

GEM
  remote: http://rubygems.org/
  specs:
    RedCloth (4.2.7)
    abstract (1.0.0)
    actionmailer (3.0.3)
      actionpack (= 3.0.3)
      mail (~> 2.2.9)
    actionpack (3.0.3)
      activemodel (= 3.0.3)
      activesupport (= 3.0.3)
      builder (~> 2.1.2)
      erubis (~> 2.6.6)
      i18n (~> 0.4)
      rack (~> 1.2.1)
      rack-mount (~> 0.6.13)
      rack-test (~> 0.5.6)
      tzinfo (~> 0.3.23)
    activemodel (3.0.3)
      activesupport (= 3.0.3)
      builder (~> 2.1.2)
      i18n (~> 0.4)
    activerecord (3.0.3)
      activemodel (= 3.0.3)
      activesupport (= 3.0.3)
      arel (~> 2.0.2)
      tzinfo (~> 0.3.23)
    activeresource (3.0.3)
      activemodel (= 3.0.3)
      activesupport (= 3.0.3)
    activesupport (3.0.3)
    acts_as_indexed (0.7.1)
    almost-happy (0.4.1)
      RedCloth
      activerecord (>= 3.0.0.beta3)
      nokogiri
      open4
      rdiscount
    arel (2.0.9)
    awesome_print (0.3.2)
    barista (1.0.0)
      coffee-script (~> 2.1.1)
    bcrypt-ruby (2.1.4)
    bhm-admin (0.3.5)
      compass (>= 0.10.0.rc4)
      compass-960-plugin
      compass-colors
      fancy-buttons
      inherited_resources
      jammit
      show_for
      will_paginate
      will_paginate
    builder (2.1.2)
    ci_reporter (1.6.4)
      builder (>= 2.1.2)
    closure-compiler (1.0.0)
    coffee-script (2.1.3)
      coffee-script-source
    coffee-script-source (1.0.1)
    columnize (0.3.2)
    compass (0.10.5)
      haml (>= 3.0.4)
    compass-960-plugin (0.10.0)
      compass (>= 0.10.0)
    compass-colors (0.3.1)
      compass (>= 0.8.7)
    devise (1.1.8)
      bcrypt-ruby (~> 2.1.2)
      warden (~> 1.0.2)
    diff-lcs (1.1.2)
    email_spec (1.1.1)
      rspec (~> 2.0)
    erubis (2.6.6)
      abstract (>= 1.0.0)
    fancy-buttons (1.0.1)
      compass (>= 0.10.0)
      haml (>= 3.0.2)
    fastercsv (1.5.4)
    forgery (0.3.7)
      nokogiri (~> 1.4)
    formtastic (1.2.3)
      actionpack (>= 2.3.7)
      activesupport (>= 2.3.7)
      i18n (~> 0.4)
    haml (3.0.25)
    haml-rails (0.3.4)
      actionpack (~> 3.0)
      activesupport (~> 3.0)
      haml (~> 3.0)
      railties (~> 3.0)
    has_scope (0.5.0)
    i18n (0.5.0)
    inherited_resources (1.2.1)
      has_scope (~> 0.5.0)
      responders (~> 0.6.0)
    jammit (0.6.0)
      closure-compiler (>= 0.1.0)
      yui-compressor (>= 0.9.1)
    json (1.5.1)
    kgio (2.3.2)
    linecache (0.43)
    macaddr (1.0.0)
    machinist (2.0.0.beta2)
    mail (2.2.15)
      activesupport (>= 2.3.6)
      i18n (>= 0.4.0)
      mime-types (~> 1.16)
      treetop (~> 1.4.8)
    meta_where (1.0.4)
      activerecord (~> 3.0.0)
      activesupport (~> 3.0.0)
      arel (~> 2.0.7)
    mime-types (1.16)
    nokogiri (1.4.4)
    open4 (1.0.1)
    orderable (0.1.0)
    pdfkit (0.5.0)
    pg (0.10.1)
    polyglot (0.3.1)
    rack (1.2.1)
    rack-mount (0.6.13)
      rack (>= 1.0.0)
    rack-test (0.5.7)
      rack (>= 1.0)
    rails (3.0.3)
      actionmailer (= 3.0.3)
      actionpack (= 3.0.3)
      activerecord (= 3.0.3)
      activeresource (= 3.0.3)
      activesupport (= 3.0.3)
      bundler (~> 1.0)
      railties (= 3.0.3)
    railties (3.0.3)
      actionpack (= 3.0.3)
      activesupport (= 3.0.3)
      rake (>= 0.8.7)
      thor (~> 0.14.4)
    rake (0.8.7)
    rcov (0.9.9)
    rdiscount (1.6.8)
    remarkable (4.0.0.alpha4)
      rspec (>= 2.0.0.alpha11)
    remarkable_activemodel (4.0.0.alpha4)
      remarkable (~> 4.0.0.alpha4)
      rspec (>= 2.0.0.alpha11)
    remarkable_activerecord (4.0.0.alpha4)
      remarkable (~> 4.0.0.alpha4)
      remarkable_activemodel (~> 4.0.0.alpha4)
      rspec (>= 2.0.0.alpha11)
    responders (0.6.2)
    rr (1.0.2)
    rspec (2.4.0)
      rspec-core (~> 2.4.0)
      rspec-expectations (~> 2.4.0)
      rspec-mocks (~> 2.4.0)
    rspec-core (2.4.0)
    rspec-expectations (2.4.0)
      diff-lcs (~> 1.1.2)
    rspec-mocks (2.4.0)
    rspec-rails (2.4.1)
      actionpack (~> 3.0)
      activesupport (~> 3.0)
      railties (~> 3.0)
      rspec (~> 2.4.0)
    rspec_tag_matchers (1.0.0)
      nokogiri (>= 1.4.0)
      rspec-rails (>= 1.2.6)
    ruby-debug (0.10.4)
      columnize (>= 0.1)
      ruby-debug-base (~> 0.10.4.0)
    ruby-debug-base (0.10.4)
      linecache (>= 0.3)
    show_for (0.2.4)
    shuriken (0.2.1)
    slugged (0.4.0)
      activerecord (~> 3.0.0)
      activesupport (~> 3.0.0)
      uuid
    state_machine (0.9.4)
    stringex (1.2.0)
    syntax (1.0.0)
    thor (0.14.6)
    treetop (1.4.9)
      polyglot (>= 0.3.1)
    tzinfo (0.3.24)
    unicorn (3.4.0)
      kgio (~> 2.2)
      rack
    uuid (2.3.1)
      macaddr (~> 1.0)
    validation_reflection (1.0.0)
    warden (1.0.3)
      rack (>= 1.0.0)
    youthtree-controller-ext (0.1.2)
      activesupport (>= 3.0.0.beta4)
    youthtree-helpers (0.2.0)
      actionpack (~> 3.0.0.rc)
      activesupport (~> 3.0.0.rc)
      formtastic (~> 1.2)
      youthtree-js
      youthtree-settings
    youthtree-js (0.4.1)
    youthtree-settings (0.2.0)
      activesupport (>= 3.0.0.beta4)
    yui-compressor (0.9.4)

PLATFORMS
  ruby

DEPENDENCIES
  acts_as_indexed (~> 0.7.1)
  almost-happy
  awesome_print
  barista (>= 0.7.0.pre2)
  bhm-admin (~> 0.3.4)
  ci_reporter (~> 1.6.3)
  compass (= 0.10.5)
  compass-colors
  dataset!
  devise (~> 1.1.8)
  devise_imapable (~> 0.5.1)!
  email_spec
  fastercsv
  forgery
  formtastic (~> 1.2)
  haml
  haml-rails (~> 0.3.0)
  inherited_resources (~> 1.2.1)
  jammit (~> 0.6.0)
  json
  machinist (>= 2.0.0.beta2)
  meta_where (~> 1.0.4)
  orderable
  pdfkit (~> 0.5.0)
  pg
  rails (~> 3.0.3)
  rcov
  remarkable (>= 4.0.0.alpha4)
  remarkable_activerecord (>= 4.0.0.alpha4)
  rr
  rspec (~> 2.1)
  rspec-rails (~> 2.1)
  rspec_tag_matchers
  ruby-debug
  show_for (~> 0.2.4)
  shuriken (~> 0.2)
  slugged
  state_machine
  stringex
  syntax
  title_estuary!
  unicorn
  uuid
  validation_reflection (~> 1.0.0)
  will_paginate (~> 3.0.pre2)!
  youthtree-controller-ext
  youthtree-helpers (~> 0.2)
  youthtree-js (~> 0.2)
  youthtree-settings
