GIT
  remote: git://github.com/YouthTree/devise_imapable.git
  revision: b4f3eb67afa4bd169c0e392f1e550d95aae1f3d0
  specs:
    devise_imapable (0.5.1)
      devise (> 1.0.4)

GIT
  remote: git://github.com/mislav/will_paginate.git
  revision: b1a5beeec9f56ecbe3594fcdca76d92b6767ce50
  branch: rails3
  specs:
    will_paginate (3.0.pre3)

GIT
  remote: git://github.com/miyucy/annotate_models.git
  revision: ace84ab47a21a0fcbbed431051ea3a140a4f99f9
  specs:
    annotate (2.4.0)

GIT
  remote: git://github.com/radiant/dataset.git
  revision: 9143cb3a3c2d1df6c4b4271bf0a8f85ae3651357
  specs:
    dataset (1.4.0.radiant)
      activerecord (>= 2.3.0)
      activesupport (>= 2.3.0)

GEM
  remote: http://rubygems.org/
  specs:
    RedCloth (4.2.3)
    abstract (1.0.0)
    actionmailer (3.0.3)
      actionpack (= 3.0.3)
      mail (~> 2.2.9)
    actionpack (3.0.3)
      activemodel (= 3.0.3)
      activesupport (= 3.0.3)
      builder (~> 2.1.2)
      erubis (~> 2.6.6)
      i18n (~> 0.4)
      rack (~> 1.2.1)
      rack-mount (~> 0.6.13)
      rack-test (~> 0.5.6)
      tzinfo (~> 0.3.23)
    activemodel (3.0.3)
      activesupport (= 3.0.3)
      builder (~> 2.1.2)
      i18n (~> 0.4)
    activerecord (3.0.3)
      activemodel (= 3.0.3)
      activesupport (= 3.0.3)
      arel (~> 2.0.2)
      tzinfo (~> 0.3.23)
    activeresource (3.0.3)
      activemodel (= 3.0.3)
      activesupport (= 3.0.3)
    activesupport (3.0.3)
    almost-happy (0.4.1)
      RedCloth
      activerecord (>= 3.0.0.beta3)
      nokogiri
      open4
      rdiscount
    arel (2.0.6)
    awesome_print (0.3.1)
    barista (0.7.0.pre3)
      coffee-script (~> 2.1.1)
    bcrypt-ruby (2.1.2)
    bhm-admin (0.3.5)
      compass (>= 0.10.0.rc4)
      compass-960-plugin
      compass-colors
      fancy-buttons
      inherited_resources
      jammit
      show_for
      will_paginate
      will_paginate
    builder (2.1.2)
    capistrano (2.5.19)
      highline
      net-scp (>= 1.0.0)
      net-sftp (>= 2.0.0)
      net-ssh (>= 2.0.14)
      net-ssh-gateway (>= 1.0.0)
    carrierwave (0.5.1)
      activesupport (~> 3.0)
    cgi_multipart_eof_fix (2.5.0)
    closure-compiler (0.3.3)
    coffee-script (2.1.1)
      coffee-script-source
    coffee-script-source (0.9.5)
    columnize (0.3.2)
    compass (0.10.5)
      haml (>= 3.0.4)
    compass-960-plugin (0.10.0)
      compass (>= 0.10.0)
    compass-colors (0.3.1)
      compass (>= 0.8.7)
    configuration (1.2.0)
    daemons (1.1.0)
    devise (1.1.5)
      bcrypt-ruby (~> 2.1.2)
      warden (~> 1.0.2)
    diff-lcs (1.1.2)
    erubis (2.6.6)
      abstract (>= 1.0.0)
    fancy-buttons (1.0.1)
      compass (>= 0.10.0)
      haml (>= 3.0.2)
    fastthread (1.0.7)
    forgery (0.3.6)
    formtastic (1.2.2)
      actionpack (>= 2.3.7)
      activesupport (>= 2.3.7)
      i18n (>= 0.4.0)
    gem_plugin (0.2.3)
    growl (1.0.3)
    guard (0.2.2)
      open_gem (~> 1.4.2)
      thor (~> 0.14.3)
    guard-passenger (0.2.0)
      guard (~> 0.2.1)
    guard-rspec (0.1.9)
      guard (>= 0.2.2)
    haml (3.0.25)
    haml-rails (0.3.4)
      actionpack (~> 3.0)
      activesupport (~> 3.0)
      haml (~> 3.0)
      railties (~> 3.0)
    has_scope (0.5.0)
    highline (1.6.1)
    hoptoad_notifier (2.3.12)
      activesupport
      builder
    i18n (0.5.0)
    inherited_resources (1.1.2)
      has_scope (~> 0.5.0)
      responders (~> 0.6.0)
    jammit (0.5.4)
      closure-compiler (>= 0.1.0)
      yui-compressor (>= 0.9.1)
    json (1.4.6)
    kgio (2.0.0)
    launchy (0.3.7)
      configuration (>= 0.0.5)
      rake (>= 0.8.1)
    linecache (0.43)
    macaddr (1.0.0)
    machinist (2.0.0.beta2)
    mail (2.2.12)
      activesupport (>= 2.3.6)
      i18n (>= 0.4.0)
      mime-types (~> 1.16)
      treetop (~> 1.4.8)
    mime-types (1.16)
    mongrel (1.1.5)
      cgi_multipart_eof_fix (>= 2.4)
      daemons (>= 1.0.3)
      fastthread (>= 1.0.1)
      gem_plugin (>= 0.2.3)
    net-scp (1.0.4)
      net-ssh (>= 1.99.1)
    net-sftp (2.0.5)
      net-ssh (>= 2.0.9)
    net-ssh (2.0.23)
    net-ssh-gateway (1.0.1)
      net-ssh (>= 1.99.1)
    nokogiri (1.4.4)
    open4 (1.0.1)
    open_gem (1.4.2)
      launchy (~> 0.3.5)
    pdfkit (0.4.6)
    pg (0.10.0)
    polyglot (0.3.1)
    rack (1.2.1)
    rack-mount (0.6.13)
      rack (>= 1.0.0)
    rack-test (0.5.6)
      rack (>= 1.0)
    rails (3.0.3)
      actionmailer (= 3.0.3)
      actionpack (= 3.0.3)
      activerecord (= 3.0.3)
      activeresource (= 3.0.3)
      activesupport (= 3.0.3)
      bundler (~> 1.0)
      railties (= 3.0.3)
    rails3-generators (0.17.0)
      railties (>= 3.0.0)
    railties (3.0.3)
      actionpack (= 3.0.3)
      activesupport (= 3.0.3)
      rake (>= 0.8.7)
      thor (~> 0.14.4)
    rake (0.8.7)
    rb-fsevent (0.3.9)
    rcov (0.9.9)
    rdiscount (1.6.5)
    remarkable (4.0.0.alpha4)
      rspec (>= 2.0.0.alpha11)
    remarkable_activemodel (4.0.0.alpha4)
      remarkable (~> 4.0.0.alpha4)
      rspec (>= 2.0.0.alpha11)
    remarkable_activerecord (4.0.0.alpha4)
      remarkable (~> 4.0.0.alpha4)
      remarkable_activemodel (~> 4.0.0.alpha4)
      rspec (>= 2.0.0.alpha11)
    responders (0.6.2)
    rr (1.0.2)
    rspec (2.3.0)
      rspec-core (~> 2.3.0)
      rspec-expectations (~> 2.3.0)
      rspec-mocks (~> 2.3.0)
    rspec-core (2.3.1)
    rspec-expectations (2.3.0)
      diff-lcs (~> 1.1.2)
    rspec-mocks (2.3.0)
    rspec-rails (2.3.1)
      actionpack (~> 3.0)
      activesupport (~> 3.0)
      railties (~> 3.0)
      rspec (~> 2.3.0)
    rspec_tag_matchers (1.0.0)
      nokogiri (>= 1.4.0)
      rspec-rails (>= 1.2.6)
    ruby-debug (0.10.4)
      columnize (>= 0.1)
      ruby-debug-base (~> 0.10.4.0)
    ruby-debug-base (0.10.4)
      linecache (>= 0.3)
    rvm (1.1.6)
    show_for (0.2.3)
    shuriken (0.2.1)
    slugged (0.3.2)
      activerecord (~> 3.0.0)
      activesupport (~> 3.0.0)
      uuid
    slurper (0.4.3)
      activeresource (>= 2.3.5)
    stringex (1.2.0)
    syntax (1.0.0)
    therubyracer (0.8.0)
    thor (0.14.6)
    title_estuary (1.2.0)
    treetop (1.4.9)
      polyglot (>= 0.3.1)
    tzinfo (0.3.23)
    unicorn (3.1.0)
      kgio (~> 2.0.0)
      rack
    uuid (2.3.1)
      macaddr (~> 1.0)
    validates_url_format_of (0.1.0)
      activerecord (>= 2.3.4)
    validation_reflection (1.0.0)
    warden (1.0.3)
      rack (>= 1.0.0)
    ydd (0.0.11)
      activerecord
      activesupport
      thor (~> 0.14)
    youthtree-capistrano (0.2.2)
      bundler (~> 1.0)
      capistrano
      rvm (~> 1.0)
      ydd
    youthtree-controller-ext (0.1.2)
      activesupport (>= 3.0.0.beta4)
    youthtree-helpers (0.2.0)
      actionpack (~> 3.0.0.rc)
      activesupport (~> 3.0.0.rc)
      formtastic (~> 1.2)
      youthtree-js
      youthtree-settings
    youthtree-js (0.4.1)
    youthtree-settings (0.2.0)
      activesupport (>= 3.0.0.beta4)
    yui-compressor (0.9.1)

PLATFORMS
  ruby

DEPENDENCIES
  almost-happy
  annotate!
  awesome_print
  barista (>= 0.7.0.pre2)
  bhm-admin (~> 0.3.4)
  capistrano
  carrierwave
  compass (= 0.10.5)
  compass-colors
  dataset!
  devise
  devise_imapable!
  forgery
  formtastic (~> 1.2)
  growl
  guard
  guard-passenger
  guard-rspec
  haml
  haml-rails
  hoptoad_notifier
  inherited_resources
  jammit
  json
  machinist (>= 2.0.0.beta2)
  mongrel
  pdfkit
  pg
  rails (= 3.0.3)
  rails3-generators
  rb-fsevent
  rcov
  remarkable (>= 4.0.0.alpha4)
  remarkable_activerecord (>= 4.0.0.alpha4)
  rr
  rspec (~> 2.1)
  rspec-rails (~> 2.1)
  rspec_tag_matchers
  ruby-debug
  show_for
  shuriken (~> 0.2)
  slugged
  slurper
  stringex
  syntax
  therubyracer
  title_estuary
  unicorn
  uuid
  validates_url_format_of
  validation_reflection
  will_paginate (~> 3.0.pre2)!
  youthtree-capistrano
  youthtree-controller-ext
  youthtree-helpers (~> 0.2)
  youthtree-js (~> 0.2)
  youthtree-settings
