GIT
  remote: git://github.com/YouthTree/devise_imapable.git
  revision: b4f3eb67afa4bd169c0e392f1e550d95aae1f3d0
  specs:
    devise_imapable (0.5.1)
      devise (> 1.0.4)

GIT
  remote: git://github.com/mislav/will_paginate.git
  revision: a2648e77294806e0e46395e0d3076adf9bee00a0
  branch: rails3
  specs:
    will_paginate (3.0.pre4)

GIT
  remote: git://github.com/radiant/dataset.git
  revision: 940c8606ed2d1b455d5c7b9c3914e2a36da807ce
  specs:
    dataset (1.4.0.radiant)
      activerecord
      activesupport

GIT
  remote: git://github.com/thefrontiergroup/title_estuary.git
  revision: 0acbbfab7c70417475d134b800c14fb00ccc24d7
  specs:
    title_estuary (1.1.1)

GEM
  remote: http://rubygems.org/
  specs:
    RedCloth (4.2.9)
    abstract (1.0.0)
    actionmailer (3.0.20)
      actionpack (= 3.0.20)
      mail (~> 2.2.19)
    actionpack (3.0.20)
      activemodel (= 3.0.20)
      activesupport (= 3.0.20)
      builder (~> 2.1.2)
      erubis (~> 2.6.6)
      i18n (~> 0.5.0)
      rack (~> 1.2.5)
      rack-mount (~> 0.6.14)
      rack-test (~> 0.5.7)
      tzinfo (~> 0.3.23)
    activemodel (3.0.20)
      activesupport (= 3.0.20)
      builder (~> 2.1.2)
      i18n (~> 0.5.0)
    activerecord (3.0.20)
      activemodel (= 3.0.20)
      activesupport (= 3.0.20)
      arel (~> 2.0.10)
      tzinfo (~> 0.3.23)
    activeresource (3.0.20)
      activemodel (= 3.0.20)
      activesupport (= 3.0.20)
    activesupport (3.0.20)
    acts_as_indexed (0.7.8)
    addressable (2.3.5)
    almost-happy (1.0.0)
      RedCloth
      activerecord (~> 3.0)
      nokogiri
      open4
      rdiscount
    arel (2.0.10)
    awesome_print (1.1.0)
    barista (1.3.0)
      coffee-script (~> 2.2)
    bcrypt-ruby (2.1.4)
    bhm-admin (0.3.6)
      compass (>= 0.10.0.rc4)
      compass-960-plugin
      compass-colors
      fancy-buttons
      inherited_resources
      jammit
      show_for
      will_paginate
      will_paginate
    builder (2.1.2)
    ci_reporter (1.6.9)
      builder (>= 2.1.2)
    coffee-script (2.2.0)
      coffee-script-source
      execjs
    coffee-script-source (1.6.3)
    columnize (0.3.6)
    compass (0.10.5)
      haml (>= 3.0.4)
    compass-960-plugin (0.10.4)
      compass (>= 0.10.0)
    compass-colors (0.9.0)
      compass (>= 0.8.7)
    cssmin (1.0.3)
    devise (1.1.9)
      bcrypt-ruby (~> 2.1.2)
      warden (~> 1.0.2)
    diff-lcs (1.2.4)
    email_spec (1.5.0)
      launchy (~> 2.1)
      mail (~> 2.2)
    erubis (2.6.6)
      abstract (>= 1.0.0)
    execjs (1.4.0)
      multi_json (~> 1.0)
    fancy-buttons (1.0.1)
      compass (>= 0.10.0)
      haml (>= 3.0.2)
    fastercsv (1.5.5)
    forgery (0.5.0)
    formtastic (1.2.4)
      actionpack (>= 2.3.7)
      activesupport (>= 2.3.7)
      i18n (~> 0.4)
    haml (3.0.25)
    haml-rails (0.3.3)
      actionpack (~> 3.0)
      activesupport (~> 3.0)
      haml (~> 3.0.18)
      railties (~> 3.0)
    has_scope (0.5.1)
    i18n (0.5.0)
    inherited_resources (1.2.2)
      has_scope (~> 0.5.0)
      responders (~> 0.6.0)
    jammit (0.6.6)
      cssmin (>= 1.0.3)
      jsmin (>= 1.0.1)
    jsmin (1.0.1)
    json (1.8.0)
    kgio (2.8.0)
    launchy (2.3.0)
      addressable (~> 2.3)
    linecache (0.46)
      rbx-require-relative (> 0.0.4)
    macaddr (1.6.1)
      systemu (~> 2.5.0)
    machinist (2.0)
    mail (2.2.20)
      activesupport (>= 2.3.6)
      i18n (>= 0.4.0)
      mime-types (~> 1.16)
      treetop (~> 1.4.8)
    meta_where (1.0.4)
      activerecord (~> 3.0.0)
      activesupport (~> 3.0.0)
      arel (~> 2.0.7)
    mime-types (1.23)
    multi_json (1.7.8)
    nokogiri (1.5.10)
    open4 (1.3.0)
    orderable (0.2.1)
      activerecord (>= 2.3.5)
      activesupport (>= 2.3.5)
    pdfkit (0.5.4)
    pg (0.16.0)
    polyglot (0.3.3)
    rack (1.2.8)
    rack-mount (0.6.14)
      rack (>= 1.0.0)
    rack-test (0.5.7)
      rack (>= 1.0)
    rails (3.0.20)
      actionmailer (= 3.0.20)
      actionpack (= 3.0.20)
      activerecord (= 3.0.20)
      activeresource (= 3.0.20)
      activesupport (= 3.0.20)
      bundler (~> 1.0)
      railties (= 3.0.20)
    railties (3.0.20)
      actionpack (= 3.0.20)
      activesupport (= 3.0.20)
      rake (>= 0.8.7)
      rdoc (~> 3.4)
      thor (~> 0.14.4)
    raindrops (0.11.0)
    rake (10.1.0)
    rbx-require-relative (0.0.9)
    rcov (1.0.0)
    rdiscount (2.1.6)
    rdoc (3.12.2)
      json (~> 1.4)
    remarkable (4.0.0.alpha4)
      rspec (>= 2.0.0.alpha11)
    remarkable_activemodel (4.0.0.alpha4)
      remarkable (~> 4.0.0.alpha4)
      rspec (>= 2.0.0.alpha11)
    remarkable_activerecord (4.0.0.alpha4)
      remarkable (~> 4.0.0.alpha4)
      remarkable_activemodel (~> 4.0.0.alpha4)
      rspec (>= 2.0.0.alpha11)
    responders (0.6.5)
    rr (1.1.1)
    rspec (2.14.1)
      rspec-core (~> 2.14.0)
      rspec-expectations (~> 2.14.0)
      rspec-mocks (~> 2.14.0)
    rspec-core (2.14.4)
    rspec-expectations (2.14.1)
      diff-lcs (>= 1.1.3, < 2.0)
    rspec-mocks (2.14.3)
    rspec-rails (2.14.0)
      actionpack (>= 3.0)
      activesupport (>= 3.0)
      railties (>= 3.0)
      rspec-core (~> 2.14.0)
      rspec-expectations (~> 2.14.0)
      rspec-mocks (~> 2.14.0)
    rspec_tag_matchers (1.0.0)
      nokogiri (>= 1.4.0)
      rspec-rails (>= 1.2.6)
    ruby-debug (0.10.4)
      columnize (>= 0.1)
      ruby-debug-base (~> 0.10.4.0)
    ruby-debug-base (0.10.4)
      linecache (>= 0.3)
    show_for (0.2.6)
      actionpack (~> 3.0)
      activemodel (~> 3.0)
    shuriken (0.2.1)
    slugged (1.1.0)
      activerecord (~> 3.0)
      activesupport (~> 3.0)
      uuid
    state_machine (1.2.0)
    stringex (2.0.8)
    syntax (1.0.0)
    systemu (2.5.2)
    thor (0.14.6)
    treetop (1.4.14)
      polyglot
      polyglot (>= 0.3.1)
    tzinfo (0.3.37)
    unicorn (4.6.3)
      kgio (~> 2.6)
      rack
      raindrops (~> 0.7)
    uuid (2.3.7)
      macaddr (~> 1.0)
    validation_reflection (1.0.0)
    warden (1.0.6)
      rack (>= 1.0)
    youthtree-controller-ext (0.1.2)
      activesupport (>= 3.0.0.beta4)
    youthtree-helpers (0.2.0)
      actionpack (~> 3.0.0.rc)
      activesupport (~> 3.0.0.rc)
      formtastic (~> 1.2)
      youthtree-js
      youthtree-settings
    youthtree-js (0.4.1)
    youthtree-settings (1.0.2)
      activesupport (>= 3.0, < 5.0)

PLATFORMS
  ruby

DEPENDENCIES
  acts_as_indexed (~> 0.7.1)
  almost-happy
  awesome_print
  barista (>= 0.7.0.pre2)
  bhm-admin (~> 0.3.4)
  ci_reporter (~> 1.6.3)
  compass (= 0.10.5)
  compass-colors
  dataset!
  devise (~> 1.1.8)
  devise_imapable (~> 0.5.1)!
  email_spec
  fastercsv
  forgery
  formtastic (~> 1.2)
  haml
  haml-rails (~> 0.3.0)
  inherited_resources (~> 1.2.1)
  jammit (~> 0.6.0)
  json
  machinist (>= 2.0.0.beta2)
  meta_where (~> 1.0.4)
  nokogiri (~> 1.5.0)
  orderable
  pdfkit (~> 0.5.0)
  pg
  rails (~> 3.0.3)
  rcov
  remarkable (>= 4.0.0.alpha4)
  remarkable_activerecord (>= 4.0.0.alpha4)
  rr
  rspec (~> 2.1)
  rspec-rails (~> 2.1)
  rspec_tag_matchers
  ruby-debug
  show_for (~> 0.2.4)
  shuriken (~> 0.2)
  slugged
  state_machine
  stringex
  syntax
  title_estuary!
  unicorn
  uuid
  validation_reflection (~> 1.0.0)
  will_paginate (~> 3.0.pre2)!
  youthtree-controller-ext
  youthtree-helpers (~> 0.2)
  youthtree-js (~> 0.2)
  youthtree-settings
