GIT
  remote: git://github.com/mislav/will_paginate.git
  revision: b1a5beeec9f56ecbe3594fcdca76d92b6767ce50
  branch: rails3
  specs:
    will_paginate (3.0.pre3)

GIT
  remote: git://github.com/miyucy/annotate_models.git
  revision: ace84ab47a21a0fcbbed431051ea3a140a4f99f9
  specs:
    annotate (2.4.0)

GEM
  remote: http://rubygems.org/
  specs:
    RedCloth (4.2.3)
    abstract (1.0.0)
    actionmailer (3.0.3)
      actionpack (= 3.0.3)
      mail (~> 2.2.9)
    actionpack (3.0.3)
      activemodel (= 3.0.3)
      activesupport (= 3.0.3)
      builder (~> 2.1.2)
      erubis (~> 2.6.6)
      i18n (~> 0.4)
      rack (~> 1.2.1)
      rack-mount (~> 0.6.13)
      rack-test (~> 0.5.6)
      tzinfo (~> 0.3.23)
    activemodel (3.0.3)
      activesupport (= 3.0.3)
      builder (~> 2.1.2)
      i18n (~> 0.4)
    activerecord (3.0.3)
      activemodel (= 3.0.3)
      activesupport (= 3.0.3)
      arel (~> 2.0.2)
      tzinfo (~> 0.3.23)
    activeresource (3.0.3)
      activemodel (= 3.0.3)
      activesupport (= 3.0.3)
    activesupport (3.0.3)
    almost-happy (0.4.0)
      RedCloth
      activerecord (>= 3.0.0.beta3)
      nokogiri
      open4
      rdiscount
    arel (2.0.6)
    barista (0.7.0.pre3)
      coffee-script (~> 2.1.1)
    bhm-admin (0.3.1)
      compass (>= 0.10.0.rc4)
      compass-960-plugin
      compass-colors
      fancy-buttons
      inherited_resources
      jammit
      show_for
      will_paginate
      will_paginate
    builder (2.1.2)
    carrierwave (0.5.1)
      activesupport (~> 3.0)
    cgi_multipart_eof_fix (2.5.0)
    closure-compiler (0.3.3)
    coffee-script (2.1.1)
      coffee-script-source
    coffee-script-source (0.9.5)
    compass (0.10.5)
      haml (>= 3.0.4)
    compass-960-plugin (0.10.0)
      compass (>= 0.10.0)
    compass-colors (0.3.1)
      compass (>= 0.8.7)
    configuration (1.2.0)
    daemons (1.1.0)
    diff-lcs (1.1.2)
    erubis (2.6.6)
      abstract (>= 1.0.0)
    fancy-buttons (1.0.1)
      compass (>= 0.10.0)
      haml (>= 3.0.2)
    fastthread (1.0.7)
    forgery (0.3.6)
    formtastic (1.2.2)
      actionpack (>= 2.3.7)
      activesupport (>= 2.3.7)
      i18n (>= 0.4.0)
    gem_plugin (0.2.3)
    growl (1.0.3)
    guard (0.2.2)
      open_gem (~> 1.4.2)
      thor (~> 0.14.3)
    guard-passenger (0.2.0)
      guard (~> 0.2.1)
    guard-rspec (0.1.9)
      guard (>= 0.2.2)
    haml (3.0.24)
    haml-rails (0.3.4)
      actionpack (~> 3.0)
      activesupport (~> 3.0)
      haml (~> 3.0)
      railties (~> 3.0)
    has_scope (0.5.0)
    hoptoad_notifier (2.3.12)
      activesupport
      builder
    i18n (0.5.0)
    inherited_resources (1.1.2)
      has_scope (~> 0.5.0)
      responders (~> 0.6.0)
    jammit (0.5.4)
      closure-compiler (>= 0.1.0)
      yui-compressor (>= 0.9.1)
    json (1.4.6)
    launchy (0.3.7)
      configuration (>= 0.0.5)
      rake (>= 0.8.1)
    macaddr (1.0.0)
    machinist (2.0.0.beta2)
    mail (2.2.12)
      activesupport (>= 2.3.6)
      i18n (>= 0.4.0)
      mime-types (~> 1.16)
      treetop (~> 1.4.8)
    mime-types (1.16)
    mongrel (1.1.5)
      cgi_multipart_eof_fix (>= 2.4)
      daemons (>= 1.0.3)
      fastthread (>= 1.0.1)
      gem_plugin (>= 0.2.3)
    nokogiri (1.4.4)
    open4 (1.0.1)
    open_gem (1.4.2)
      launchy (~> 0.3.5)
    pg (0.10.0)
    polyglot (0.3.1)
    rack (1.2.1)
    rack-mount (0.6.13)
      rack (>= 1.0.0)
    rack-test (0.5.6)
      rack (>= 1.0)
    rails (3.0.3)
      actionmailer (= 3.0.3)
      actionpack (= 3.0.3)
      activerecord (= 3.0.3)
      activeresource (= 3.0.3)
      activesupport (= 3.0.3)
      bundler (~> 1.0)
      railties (= 3.0.3)
    rails3-generators (0.14.0)
    railties (3.0.3)
      actionpack (= 3.0.3)
      activesupport (= 3.0.3)
      rake (>= 0.8.7)
      thor (~> 0.14.4)
    rake (0.8.7)
    rb-fsevent (0.3.9)
    rdiscount (1.6.5)
    remarkable (4.0.0.alpha4)
      rspec (>= 2.0.0.alpha11)
    remarkable_activemodel (4.0.0.alpha4)
      remarkable (~> 4.0.0.alpha4)
      rspec (>= 2.0.0.alpha11)
    remarkable_activerecord (4.0.0.alpha4)
      remarkable (~> 4.0.0.alpha4)
      remarkable_activemodel (~> 4.0.0.alpha4)
      rspec (>= 2.0.0.alpha11)
    responders (0.6.2)
    rr (1.0.2)
    rspec (2.2.0)
      rspec-core (~> 2.2)
      rspec-expectations (~> 2.2)
      rspec-mocks (~> 2.2)
    rspec-core (2.2.1)
    rspec-expectations (2.2.0)
      diff-lcs (~> 1.1.2)
    rspec-mocks (2.2.0)
    rspec-rails (2.2.1)
      actionpack (~> 3.0)
      activesupport (~> 3.0)
      railties (~> 3.0)
      rspec (~> 2.2.0)
    show_for (0.2.3)
    shuriken (0.2.1)
    slugged (0.3.2)
      activerecord (~> 3.0.0)
      activesupport (~> 3.0.0)
      uuid
    stringex (1.2.0)
    therubyracer (0.8.0)
    thor (0.14.6)
    title_estuary (1.2.0)
    treetop (1.4.9)
      polyglot (>= 0.3.1)
    tzinfo (0.3.23)
    uuid (2.3.1)
      macaddr (~> 1.0)
    validates_url_format_of (0.1.0)
      activerecord (>= 2.3.4)
    validation_reflection (1.0.0)
    youthtree-controller-ext (0.1.2)
      activesupport (>= 3.0.0.beta4)
    youthtree-helpers (0.2.0)
      actionpack (~> 3.0.0.rc)
      activesupport (~> 3.0.0.rc)
      formtastic (~> 1.2)
      youthtree-js
      youthtree-settings
    youthtree-js (0.4.1)
    youthtree-settings (0.2.0)
      activesupport (>= 3.0.0.beta4)
    yui-compressor (0.9.1)

PLATFORMS
  ruby

DEPENDENCIES
  almost-happy
  annotate!
  barista (>= 0.7.0.pre2)
  bhm-admin (~> 0.3.1)
  carrierwave
  compass (= 0.10.5)
  compass-colors
  forgery
  formtastic (~> 1.2)
  growl
  guard
  guard-passenger
  guard-rspec
  haml
  haml-rails
  hoptoad_notifier
  inherited_resources
  jammit
  json
  machinist (>= 2.0.0.beta2)
  mongrel
  pg
  rails (= 3.0.3)
  rails3-generators
  rb-fsevent
  remarkable (>= 4.0.0.alpah4)
  remarkable_activerecord (>= 4.0.0.alpah4)
  rr
  rspec (~> 2.1)
  rspec-rails (~> 2.1)
  show_for
  shuriken (~> 0.2)
  slugged
  stringex
  therubyracer
  title_estuary
  uuid
  validates_url_format_of
  validation_reflection
  will_paginate (~> 3.0.pre2)!
  youthtree-controller-ext
  youthtree-helpers (~> 0.2)
  youthtree-js (~> 0.2)
  youthtree-settings
